GEM
  remote: https://rubygems.org/
  specs:
    bson (4.7.1)
    digest-blake3 (0.37.0.1)
    hashlink (0.0.2)
      multibases (~> 0.3.2)
      multihashes (~> 0.2)
    mime-types (3.4.1)
      mime-types-data (~> 3.2015)
    mime-types-data (3.2022.0105)
    mongo (2.11.3)
      bson (>= 4.4.2, < 5.0.0)
    multibases (0.3.2)
    multicodecs (0.2.0)
    multihashes (0.2.0)
      multicodecs (>= 0.2.0, < 1)
    rack (2.1.1)
    roda (3.28.0)
      rack

PLATFORMS
  ruby

DEPENDENCIES
  digest-blake3
  hashlink (~> 0.0.2)
  mime-types (~> 3.4)
  mongo (~> 2.2)
  roda (~> 3.22)

BUNDLED WITH
   2.2.4
