GEM
  remote: https://rubygems.org/
  specs:
    bson (4.15.0)
    digest-blake3 (1.2.0.0)
    mime-types (3.4.1)
      mime-types-data (~> 3.2015)
    mime-types-data (3.2022.0105)
    mongo (2.17.1)
      bson (>= 4.8.2, < 5.0.0)
    nio4r (2.5.8)
    puma (5.6.5)
      nio4r (~> 2.0)
    rack (3.0.4.2)
    roda (3.57.0)
      rack

PLATFORMS
  ruby

DEPENDENCIES
  digest-blake3
  mime-types (~> 3.4)
  mongo (~> 2.2)
  puma (~> 5.6)
  roda (~> 3.22)

BUNDLED WITH
   2.2.4
